GEM
  remote: http://rubygems.org/
  specs:
    cinch (1.0.2)
    rake (0.9.2.2)

PLATFORMS
  ruby

DEPENDENCIES
  cinch
  rake
